GEM
  remote: http://rubygems.org/
  specs:
    RubyInline (3.9.0)
      ZenTest (~> 4.3)
    ZenTest (4.5.0)
    autotest_screen (4.0.2)
    bio (1.4.1)
    diff-lcs (1.1.2)
    hoe (2.9.1)
      rake (>= 0.8.7)
    narray (0.5.9.9)
    parallel (0.5.2)
    rake (0.8.7)
    rspec (2.5.0)
      rspec-core (~> 2.5.0)
      rspec-expectations (~> 2.5.0)
      rspec-mocks (~> 2.5.0)
    rspec-core (2.5.1)
    rspec-expectations (2.5.0)
      diff-lcs (~> 1.1.2)
    rspec-mocks (2.5.0)
    yard (0.6.4)

PLATFORMS
  ruby

DEPENDENCIES
  RubyInline
  ZenTest
  autotest_screen
  bio
  hoe
  narray
  parallel
  rspec
  yard
